PATH
  remote: .
  specs:
    media_transfer (0.0.1)
      cli-ui (~> 1.5)
      win32ole (~> 1.8)

GEM
  remote: https://rubygems.org/
  specs:
    cli-ui (1.5.1)
    coderay (1.1.3)
    method_source (1.0.0)
    pry (0.14.1)
      coderay (~> 1.1)
      method_source (~> 1.0)
    win32ole (1.8.8)

PLATFORMS
  x64-mingw-ucrt

DEPENDENCIES
  cli-ui (~> 1.5)
  media_transfer!
  pry
  win32ole (~> 1.8)

BUNDLED WITH
   2.3.7
